GEM
  remote: https://rubygems.org/
  specs:
    climate_control (1.2.0)
    terrapin (1.0.1)
      climate_control

PLATFORMS
  x86_64-linux

DEPENDENCIES
  terrapin (~> 1.0.1)

RUBY VERSION
   ruby 3.2.2p53

BUNDLED WITH
   2.4.22
